GEM
  remote: https://rubygems.org/
  specs:
    awesome_print (1.2.0)
    aws-sdk-core (2.0.9)
      builder (~> 3.0)
      jmespath (~> 1.0)
      multi_json (~> 1.0)
      multi_xml (~> 0.5)
    builder (3.2.2)
    jmespath (1.0.1)
      multi_json (~> 1.0)
    multi_json (1.10.1)
    multi_xml (0.5.5)

PLATFORMS
  ruby

DEPENDENCIES
  awesome_print
  aws-sdk-core
